GEM
  remote: https://rubygems.org/
  specs:
    actionmailer (4.2.4.rc1)
      actionpack (= 4.2.4.rc1)
      actionview (= 4.2.4.rc1)
      activejob (= 4.2.4.rc1)
      mail (~> 2.5, >= 2.5.4)
      rails-dom-testing (~> 1.0, >= 1.0.5)
    actionpack (4.2.4.rc1)
      actionview (= 4.2.4.rc1)
      activesupport (= 4.2.4.rc1)
      rack (~> 1.6)
      rack-test (~> 0.6.2)
      rails-dom-testing (~> 1.0, >= 1.0.5)
      rails-html-sanitizer (~> 1.0, >= 1.0.2)
    actionview (4.2.4.rc1)
      activesupport (= 4.2.4.rc1)
      builder (~> 3.1)
      erubis (~> 2.7.0)
      rails-dom-testing (~> 1.0, >= 1.0.5)
      rails-html-sanitizer (~> 1.0, >= 1.0.2)
    activejob (4.2.4.rc1)
      activesupport (= 4.2.4.rc1)
      globalid (>= 0.3.0)
    activemodel (4.2.4.rc1)
      activesupport (= 4.2.4.rc1)
      builder (~> 3.1)
    activerecord (4.2.4.rc1)
      activemodel (= 4.2.4.rc1)
      activesupport (= 4.2.4.rc1)
      arel (~> 6.0)
    activesupport (4.2.4.rc1)
      i18n (~> 0.7)
      json (~> 1.7, >= 1.7.7)
      minitest (~> 5.1)
      thread_safe (~> 0.3, >= 0.3.4)
      tzinfo (~> 1.1)
    addressable (2.3.8)
    arel (6.0.3)
    axiom-types (0.1.1)
      descendants_tracker (~> 0.0.4)
      ice_nine (~> 0.11.0)
      thread_safe (~> 0.3, >= 0.3.1)
    builder (3.2.2)
    charlatan (0.1.0)
    coderay (1.1.0)
    coercible (1.0.0)
      descendants_tracker (~> 0.0.1)
    descendants_tracker (0.0.4)
      thread_safe (~> 0.3, >= 0.3.1)
    dotenv (2.0.2)
    dotenv-rails (2.0.2)
      dotenv (= 2.0.2)
      railties (~> 4.0)
    equalizer (0.0.11)
    erubis (2.7.0)
    execjs (2.6.0)
    globalid (0.3.6)
      activesupport (>= 4.1.0)
    i18n (0.7.0)
    ice_nine (0.11.1)
    jquery-rails (4.0.4)
      rails-dom-testing (~> 1.0)
      railties (>= 4.2.0)
      thor (>= 0.14, < 2.0)
    json (1.8.3)
    loofah (2.0.3)
      nokogiri (>= 1.5.9)
    mail (2.6.3)
      mime-types (>= 1.16, < 3)
    method_source (0.8.2)
    mime-types (2.6.1)
    mini_portile (0.6.2)
    minitest (5.8.0)
    nokogiri (1.6.6.2)
      mini_portile (~> 0.6.0)
    pg (0.18.2)
    pry (0.10.1)
      coderay (~> 1.1.0)
      method_source (~> 0.8.1)
      slop (~> 3.4)
    pry-nav (0.2.4)
      pry (>= 0.9.10, < 0.11.0)
    rack (1.6.4)
    rack-test (0.6.3)
      rack (>= 1.0)
    rails (4.2.4.rc1)
      actionmailer (= 4.2.4.rc1)
      actionpack (= 4.2.4.rc1)
      actionview (= 4.2.4.rc1)
      activejob (= 4.2.4.rc1)
      activemodel (= 4.2.4.rc1)
      activerecord (= 4.2.4.rc1)
      activesupport (= 4.2.4.rc1)
      bundler (>= 1.3.0, < 2.0)
      railties (= 4.2.4.rc1)
      sprockets-rails
    rails-deprecated_sanitizer (1.0.3)
      activesupport (>= 4.2.0.alpha)
    rails-dom-testing (1.0.7)
      activesupport (>= 4.2.0.beta, < 5.0)
      nokogiri (~> 1.6.0)
      rails-deprecated_sanitizer (>= 1.0.1)
    rails-html-sanitizer (1.0.2)
      loofah (~> 2.0)
    railties (4.2.4.rc1)
      actionpack (= 4.2.4.rc1)
      activesupport (= 4.2.4.rc1)
      rake (>= 0.8.7)
      thor (>= 0.18.1, < 2.0)
    rake (10.4.2)
    rom (0.9.0.rc1)
      equalizer (~> 0.0, >= 0.0.9)
      rom-mapper (~> 0.2, >= 0.2.0)
      rom-support (~> 0.1, >= 0.1.0)
      transproc (~> 0.3, >= 0.3.0)
    rom-mapper (0.2.0)
      equalizer (~> 0.0, >= 0.0.10)
      rom-support (~> 0.1, >= 0.1.0)
      transproc (~> 0.3)
    rom-model (0.1.0)
      activemodel (>= 3.0, < 5.0)
      charlatan (~> 0.1)
      i18n
      rom-support (~> 0.1)
      virtus (~> 1.0, >= 1.0.5)
    rom-rails (0.5.0.rc1)
      addressable (~> 2.3)
      charlatan (~> 0.1)
      railties (>= 3.0, < 5.0)
      rom (~> 0.9.0.rc1)
      rom-model (~> 0.1, >= 0.1.0)
      virtus (~> 1.0, >= 1.0.5)
    rom-sql (0.6.0.rc1)
      equalizer (~> 0.0, >= 0.0.9)
      rom (~> 0.9.0.rc1)
      sequel (~> 4.18)
    rom-support (0.1.0)
      wisper (~> 1.6, >= 1.6.0)
    sass (3.4.16)
    sass-rails (5.0.3)
      railties (>= 4.0.0, < 5.0)
      sass (~> 3.1)
      sprockets (>= 2.8, < 4.0)
      sprockets-rails (>= 2.0, < 4.0)
      tilt (~> 1.1)
    sequel (4.25.0)
    slim (3.0.6)
      temple (~> 0.7.3)
      tilt (>= 1.3.3, < 2.1)
    slim-rails (3.0.1)
      actionmailer (>= 3.1, < 5.0)
      actionpack (>= 3.1, < 5.0)
      activesupport (>= 3.1, < 5.0)
      railties (>= 3.1, < 5.0)
      slim (~> 3.0)
    slop (3.6.0)
    sprockets (3.3.1)
      rack (~> 1.0)
    sprockets-rails (2.3.2)
      actionpack (>= 3.0)
      activesupport (>= 3.0)
      sprockets (>= 2.8, < 4.0)
    temple (0.7.6)
    thor (0.19.1)
    thread_safe (0.3.5)
    tilt (1.4.1)
    transproc (0.3.2)
    tzinfo (1.2.2)
      thread_safe (~> 0.1)
    uglifier (2.7.1)
      execjs (>= 0.3.0)
      json (>= 1.8.0)
    virtus (1.0.5)
      axiom-types (~> 0.1)
      coercible (~> 1.0)
      descendants_tracker (~> 0.0, >= 0.0.3)
      equalizer (~> 0.0, >= 0.0.9)
    wisper (1.6.1)

PLATFORMS
  ruby

DEPENDENCIES
  dotenv-rails
  jquery-rails
  pg
  pry-nav
  rails (= 4.2.4.rc1)
  rom (= 0.9.0.rc1)
  rom-rails (= 0.5.0.rc1)
  rom-sql (= 0.6.0.rc1)
  sass-rails
  slim-rails
  uglifier

BUNDLED WITH
   1.10.5
